GEM
  remote: http://rubygems.org/
  specs:
    POpen4 (0.1.4)
      Platform (>= 0.4.0)
      open4
    Platform (0.4.0)
    RedCloth (4.2.7)
    archive-tar-minitar (0.5.2)
    chunky_png (1.2.0)
    classifier (1.3.3)
      fast-stemmer (>= 1.0.0)
    columnize (0.3.4)
    compass (0.11.3)
      chunky_png (~> 1.2)
      fssm (>= 0.2.7)
      sass (~> 3.1)
    directory_watcher (1.4.0)
    fast-stemmer (1.0.0)
    ffi (1.0.9)
    foreman (0.18.0)
      term-ansicolor (~> 1.0.5)
      thor (>= 0.13.6)
    fssm (0.2.7)
    gsl (1.14.7)
      narray (>= 0.5.9)
    haml (3.1.3)
    highline (1.6.2)
    jammit (0.6.3)
      yui-compressor (>= 0.9.3)
    jekyll (0.10.0)
      classifier (>= 1.3.1)
      directory_watcher (>= 1.1.1)
      liquid (>= 1.9.0)
      maruku (>= 0.5.9)
    linecache19 (0.5.12)
      ruby_core_source (>= 0.1.4)
    liquid (2.2.2)
    maruku (0.6.0)
      syntax (>= 1.0.0)
    narray (0.6.0.1)
    oily_png (1.0.1)
      chunky_png (~> 1)
    open4 (1.1.0)
    pygmentize (0.0.3)
    rake (0.9.1)
    rb-inotify (0.8.6)
      ffi (>= 0.5.0)
    rdiscount (1.6.8)
    rmagick (2.13.1)
    ruby-debug-base19 (0.11.25)
      columnize (>= 0.3.1)
      linecache19 (>= 0.5.11)
      ruby_core_source (>= 0.1.4)
    ruby-debug19 (0.11.6)
      columnize (>= 0.3.1)
      linecache19 (>= 0.5.11)
      ruby-debug-base19 (>= 0.11.19)
    ruby_core_source (0.1.5)
      archive-tar-minitar (>= 0.5.2)
    sass (3.1.3)
    syntax (1.0.0)
    term-ansicolor (1.0.5)
    thor (0.14.6)
    yui-compressor (0.9.6)
      POpen4 (>= 0.1.4)

PLATFORMS
  ruby

DEPENDENCIES
  RedCloth (>= 4.2.7)
  compass (>= 0.11.3)
  foreman (>= 0.18.0)
  gsl (>= 1.14.7)
  haml (>= 3.1.3)
  highline
  jammit (>= 0.6.3)
  jekyll (~> 0.10.0)
  oily_png
  pygmentize (>= 0.0.3)
  rake
  rb-inotify (>= 0.8.6)
  rdiscount (>= 1.6.8)
  rmagick (>= 2.13.1)
  ruby-debug19
